GEM
  remote: https://rubygems.org/
  specs:
    chunky_png (1.3.11)
    parallel (1.17.0)

PLATFORMS
  x86-mingw32

DEPENDENCIES
  chunky_png
  parallel

BUNDLED WITH
   2.0.1
